PATH
  remote: .
  specs:
    midori-contrib (0.0.1)
      em-midori (~> 0.3)

GEM
  remote: https://rubygems.org/
  specs:
    codeclimate-test-reporter (1.0.7)
      simplecov
    diff-lcs (1.3)
    docile (1.1.5)
    em-midori (0.3.0)
      midori_http_parser (~> 0.6.1)
      mustermann (~> 1.0)
      nio4r (~> 2.0)
    ethon (0.10.1)
      ffi (>= 1.3.0)
    ffi (1.9.18)
    hiredis (0.6.1)
    json (2.1.0)
    kramdown (1.13.2)
    midori_http_parser (0.6.1.3)
    mustermann (1.0.0)
    mysql2 (0.4.6)
    nest (3.1.1)
      redic
    nio4r (2.1.0)
    ohm (3.1.1)
      nest (~> 3)
      redic (~> 1.5.0)
      stal
    pg (0.21.0)
    rake (12.0.0)
    redic (1.5.0)
      hiredis
    rspec (3.6.0)
      rspec-core (~> 3.6.0)
      rspec-expectations (~> 3.6.0)
      rspec-mocks (~> 3.6.0)
    rspec-core (3.6.0)
      rspec-support (~> 3.6.0)
    rspec-expectations (3.6.0)
      diff-lcs (>= 1.2.0, < 2.0)
      rspec-support (~> 3.6.0)
    rspec-mocks (3.6.0)
      diff-lcs (>= 1.2.0, < 2.0)
      rspec-support (~> 3.6.0)
    rspec-support (3.6.0)
    sequel (4.47.0)
    simplecov (0.14.1)
      docile (~> 1.1.0)
      json (>= 1.8, < 3)
      simplecov-html (~> 0.10.0)
    simplecov-html (0.10.1)
    stal (0.3.0)
      redic (~> 1.5)
    typhoeus (1.1.2)
      ethon (>= 0.9.0)
    yard (0.9.9)

PLATFORMS
  ruby

DEPENDENCIES
  bundler (~> 1.0)
  codeclimate-test-reporter (~> 1.0)
  hiredis (~> 0.6.0)
  kramdown (~> 1.13)
  midori-contrib!
  mysql2 (~> 0.4)
  ohm (~> 3.0)
  pg (~> 0.17)
  rake (~> 12.0)
  rspec (~> 3.0)
  sequel (~> 4.40)
  simplecov (~> 0.14)
  typhoeus (~> 1.1)
  yard (~> 0.9)

BUNDLED WITH
   1.14.6
